GEM
  remote: https://rubygems.org/
  specs:
    chunky_png (1.3.0)
    mini_magick (3.7.0)
      subexec (~> 0.2.1)
    rack (1.5.2)
    rack-protection (1.5.2)
      rack
    rqrcode (0.4.2)
    rqrcode-rails3 (0.1.7)
      rqrcode (>= 0.4.2)
    sinatra (1.4.4)
      rack (~> 1.4)
      rack-protection (~> 1.4)
      tilt (~> 1.3, >= 1.3.4)
    subexec (0.2.3)
    tilt (1.4.1)

PLATFORMS
  ruby

DEPENDENCIES
  chunky_png
  mini_magick
  rqrcode
  rqrcode-rails3
  sinatra
